GEM
  remote: https://rubygems.org/
  specs:
    faraday (0.8.8)
      multipart-post (~> 1.2.0)
    multipart-post (1.2.0)
    octokit (2.1.1)
      sawyer (~> 0.3.0)
    rack (1.5.2)
    rack-protection (1.5.0)
      rack
    sawyer (0.3.0)
      faraday (~> 0.8, < 0.10)
      uri_template (~> 0.5.0)
    sinatra (1.4.3)
      rack (~> 1.4)
      rack-protection (~> 1.4)
      tilt (~> 1.3, >= 1.3.4)
    tilt (1.4.1)
    uri_template (0.5.3)

PLATFORMS
  ruby

DEPENDENCIES
  octokit
  sinatra
